GEM
  remote: https://rubygems.org/
  specs:
    chunky_png (1.2.6)
    compass (0.11.7)
      chunky_png (~> 1.2)
      fssm (>= 0.2.7)
      sass (~> 3.1)
    fssm (0.2.9)
    rake (0.9.2.2)
    sass (3.2.1)

PLATFORMS
  ruby

DEPENDENCIES
  compass (= 0.11.7)
  rake

BUNDLED WITH
   1.14.3
