GEM
  remote: https://rubygems.org/
  specs:
    chunky_png (1.2.6)
    compass (0.11.7)
      chunky_png (~> 1.2)
      fssm (>= 0.2.7)
      sass (~> 3.1)
    fssm (0.2.9)
    haml (3.1.7)
    rack (1.4.1)
    rake (0.9.2.2)
    sass (3.2.1)
    staticmatic (0.11.1)
      compass (>= 0.10.0)
      haml (>= 2.0.0)
      rack (>= 1.0)

PLATFORMS
  ruby

DEPENDENCIES
  compass (= 0.11.7)
  rake
  staticmatic
